GEM
  remote: https://rubygems.org/
  specs:
    httparty (0.21.0)
      mini_mime (>= 1.0.0)
      multi_xml (>= 0.5.2)
    mini_mime (1.1.5)
    mini_portile2 (2.8.7)
    multi_xml (0.6.0)
    nokogiri (1.16.6)
      mini_portile2 (~> 2.8.2)
      racc (~> 1.4)
    racc (1.8.0)

PLATFORMS
  ruby

DEPENDENCIES
  httparty (~> 0.21.0)
  nokogiri (~> 1.16)

BUNDLED WITH
   2.5.9
